GEM
  remote: https://rubygems.org/
  specs:
    erubis (2.7.0)
    foreman (0.78.0)
      thor (~> 0.19.1)
    kgio (2.10.0)
    mustermann (1.1.1)
      ruby2_keywords (~> 0.0.1)
    mysql2 (0.3.18)
    mysql2-cs-bind (0.0.6)
      mysql2
    rack (2.2.3.1)
    rack-protection (2.2.0)
      rack
    raindrops (0.15.0)
    ruby2_keywords (0.0.5)
    sinatra (2.2.0)
      mustermann (~> 1.0)
      rack (~> 2.2)
      rack-protection (= 2.2.0)
      tilt (~> 2.0)
    thor (0.19.1)
    tilt (2.0.10)
    unicorn (5.0.0)
      kgio (~> 2.6)
      rack
      raindrops (~> 0.7)

PLATFORMS
  ruby

DEPENDENCIES
  erubis
  foreman
  mysql2 (= 0.3.18)
  mysql2-cs-bind
  sinatra
  unicorn

BUNDLED WITH
   1.10.6
